GEM
  remote: https://rubygems.org/
  specs:
    activesupport (5.2.0)
      concurrent-ruby (~> 1.0, >= 1.0.2)
      i18n (>= 0.7, < 2)
      minitest (~> 5.1)
      tzinfo (~> 1.1)
    arrayfields (4.9.2)
    chronic (0.10.2)
    concurrent-ruby (1.0.5)
    domain_name (0.5.20180417)
      unf (>= 0.0.5, < 1.0.0)
    fattr (2.4.0)
    http-cookie (1.0.3)
      domain_name (~> 0.5)
    i18n (1.0.1)
      concurrent-ruby (~> 1.0)
    json (2.1.0)
    main (6.2.2)
      arrayfields (~> 4.7, >= 4.7.4)
      chronic (~> 0.6, >= 0.6.2)
      fattr (~> 2.2, >= 2.2.0)
      map (~> 6.1, >= 6.1.0)
    map (6.6.0)
    mime-types (3.1)
      mime-types-data (~> 3.2015)
    mime-types-data (3.2016.0521)
    minitest (5.11.3)
    netrc (0.11.0)
    quandl (1.1.0)
      activesupport (>= 4.2.8)
      json (~> 2.1.0)
      rest-client (~> 2.0.2)
    rest-client (2.0.2)
      http-cookie (>= 1.0.2, < 2.0)
      mime-types (>= 1.16, < 4.0)
      netrc (~> 0.8)
    thread_safe (0.3.6)
    tzinfo (1.2.5)
      thread_safe (~> 0.1)
    unf (0.1.4)
      unf_ext
    unf_ext (0.0.7.5)

PLATFORMS
  ruby

DEPENDENCIES
  main
  quandl

BUNDLED WITH
   1.16.1
